NUGET
  remote: https://nuget.org/api/v2
  specs:
    Aether (6.0)
    Chiron (1.0.1)
      Aether (>= 6.0.0)
      FParsec (>= 1.0.1)
      FSharp.Core (>= 3.1.2.1)
    FAKE (3.14.4)
    FParsec (1.0.1)
    Freya (0.10.0-alpha-143)
      Freya.Core (>= 0.10.0-alpha-143)
      Freya.Integration (>= 0.10.0-alpha-143)
      Freya.Machine (>= 0.10.0-alpha-143)
      Freya.Machine.Extensions.Http (>= 0.10.0-alpha-143)
      Freya.Machine.Extensions.Http.Cors (>= 0.10.0-alpha-143)
      Freya.Machine.Router (>= 0.10.0-alpha-143)
      Freya.Pipeline (>= 0.10.0-alpha-143)
      Freya.Recorder (>= 0.10.0-alpha-143)
      Freya.Router (>= 0.10.0-alpha-143)
      Freya.Types (>= 0.10.0-alpha-143)
      Freya.Types.Http (>= 0.10.0-alpha-143)
      Freya.Types.Http.Cors (>= 0.10.0-alpha-143)
      Freya.Types.Language (>= 0.10.0-alpha-143)
      Freya.Types.Uri (>= 0.10.0-alpha-143)
      Freya.Types.Uri.Template (>= 0.10.0-alpha-143)
    Freya.Core (0.10.0-alpha-143)
      Aether (>= 6.0.0)
      FSharp.Core (>= 3.1.2.1)
    Freya.Integration (0.10.0-alpha-143)
      FSharp.Core (>= 3.1.2.1)
      Freya.Core (>= 0.10.0-alpha-143)
      Freya.Pipeline (>= 0.10.0-alpha-143)
    Freya.Machine (0.10.0-alpha-143)
      Aether (>= 6.0.0)
      Chiron (>= 1.0.0)
      FSharp.Core (>= 3.1.2.1)
      Freya.Core (>= 0.10.0-alpha-143)
      Freya.Pipeline (>= 0.10.0-alpha-143)
      Freya.Recorder (>= 0.10.0-alpha-143)
      Hekate (>= 0.3.0)
    Freya.Machine.Extensions.Http (0.10.0-alpha-143)
      Aether (>= 6.0.0)
      FSharp.Core (>= 3.1.2.1)
      Freya.Core (>= 0.10.0-alpha-143)
      Freya.Machine (>= 0.10.0-alpha-143)
      Freya.Types.Http (>= 0.10.0-alpha-143)
      Freya.Types.Language (>= 0.10.0-alpha-143)
      Freya.Types.Uri (>= 0.10.0-alpha-143)
    Freya.Machine.Extensions.Http.Cors (0.10.0-alpha-143)
      Aether (>= 6.0.0)
      FSharp.Core (>= 3.1.2.1)
      Freya.Core (>= 0.10.0-alpha-143)
      Freya.Machine (>= 0.10.0-alpha-143)
      Freya.Machine.Extensions.Http (>= 0.10.0-alpha-143)
      Freya.Types.Http (>= 0.10.0-alpha-143)
      Freya.Types.Http.Cors (>= 0.10.0-alpha-143)
      Freya.Types.Language (>= 0.10.0-alpha-143)
      Freya.Types.Uri (>= 0.10.0-alpha-143)
    Freya.Machine.Router (0.10.0-alpha-143)
      FSharp.Core (>= 3.1.2.1)
      Freya.Core (>= 0.10.0-alpha-143)
      Freya.Machine (>= 0.10.0-alpha-143)
      Freya.Pipeline (>= 0.10.0-alpha-143)
      Freya.Router (>= 0.10.0-alpha-143)
      Freya.Types.Http (>= 0.10.0-alpha-143)
    Freya.Pipeline (0.10.0-alpha-143)
      FSharp.Core (>= 3.1.2.1)
      Freya.Core (>= 0.10.0-alpha-143)
    Freya.Recorder (0.10.0-alpha-143)
      Aether (>= 6.0.0)
      Chiron (>= 1.0.0)
      FSharp.Core (>= 3.1.2.1)
      Freya.Core (>= 0.10.0-alpha-143)
    Freya.Router (0.10.0-alpha-143)
      Aether (>= 6.0.0)
      Chiron (>= 1.0.0)
      FSharp.Core (>= 3.1.2.1)
      Freya.Core (>= 0.10.0-alpha-143)
      Freya.Pipeline (>= 0.10.0-alpha-143)
      Freya.Recorder (>= 0.10.0-alpha-143)
      Freya.Types.Http (>= 0.10.0-alpha-143)
    Freya.Types (0.10.0-alpha-143)
      FParsec (>= 1.0.1)
      FSharp.Core (>= 3.1.2.1)
    Freya.Types.Http (0.10.0-alpha-143)
      Aether (>= 6.0.0)
      FParsec (>= 1.0.1)
      FSharp.Core (>= 3.1.2.1)
      Freya.Core (>= 0.10.0-alpha-143)
      Freya.Types (>= 0.10.0-alpha-143)
      Freya.Types.Language (>= 0.10.0-alpha-143)
      Freya.Types.Uri (>= 0.10.0-alpha-143)
    Freya.Types.Http.Cors (0.10.0-alpha-143)
      Aether (>= 6.0.0)
      FParsec (>= 1.0.1)
      FSharp.Core (>= 3.1.2.1)
      Freya.Types (>= 0.10.0-alpha-143)
      Freya.Types.Http (>= 0.10.0-alpha-143)
      Freya.Types.Uri (>= 0.10.0-alpha-143)
    Freya.Types.Language (0.10.0-alpha-143)
      FParsec (>= 1.0.1)
      FSharp.Core (>= 3.1.2.1)
      Freya.Types (>= 0.10.0-alpha-143)
    Freya.Types.Uri (0.10.0-alpha-143)
      FParsec (>= 1.0.1)
      FSharp.Core (>= 3.1.2.1)
      Freya.Types (>= 0.10.0-alpha-143)
    Freya.Types.Uri.Template (0.10.0-alpha-143)
      FParsec (>= 1.0.1)
      FSharp.Core (>= 3.1.2.1)
      Freya.Types (>= 0.10.0-alpha-143)
      Freya.Types.Uri (>= 0.10.0-alpha-143)
    FSharp.Compiler.Service (0.0.82)
    FSharp.Core (3.1.2.1)
    FSharp.Formatting (2.6.2)
      FSharp.Compiler.Service (>= 0.0.81)
    FsReveal (0.3.1)
      FSharp.Formatting (>= 2.6.0)
    Hekate (0.4.0)
      Aether (>= 6.0.0)
      FSharp.Core (>= 3.1.2.1)
    Unquote (2.2.2)
