NUGET
  remote: https://nuget.org/api/v2
  specs:
    Aether (6.0.0)
    Arachne.Core (2.3.23)
      FParsec (>= 1.0.1)
      FSharp.Core (>= 3.1.2.1)
    Arachne.Http (2.3.23)
      Arachne.Core (>= 2.3.23)
      Arachne.Language (>= 2.3.23)
      Arachne.Uri (>= 2.3.23)
      FParsec (>= 1.0.1)
      FSharp.Core (>= 3.1.2.1)
    Arachne.Http.Cors (2.3.23)
      Arachne.Core (>= 2.3.23)
      Arachne.Http (>= 2.3.23)
      Arachne.Uri (>= 2.3.23)
      FParsec (>= 1.0.1)
      FSharp.Core (>= 3.1.2.1)
    Arachne.Language (2.3.23)
      Arachne.Core (>= 2.3.23)
      FParsec (>= 1.0.1)
      FSharp.Core (>= 3.1.2.1)
    Arachne.Uri (2.3.23)
      Arachne.Core (>= 2.3.23)
      FParsec (>= 1.0.1)
      FSharp.Core (>= 3.1.2.1)
    Arachne.Uri.Template (2.3.23)
      Arachne.Core (>= 2.3.23)
      Arachne.Uri (>= 2.3.23)
      FParsec (>= 1.0.1)
      FSharp.Core (>= 3.1.2.1)
    Chiron (4.1.0)
      Aether (>= 6.0.0)
      FParsec (>= 1.0.1)
      FSharp.Core (>= 3.1.2.1)
    FAKE (4.4.5)
    FParsec (1.0.2)
    Freya (2.0.195)
      Freya.Core (>= 2.0.195)
      Freya.Lenses.Http (>= 2.0.195)
      Freya.Lenses.Http.Cors (>= 2.0.195)
      Freya.Machine (>= 2.0.195)
      Freya.Machine.Extensions.Http (>= 2.0.195)
      Freya.Machine.Extensions.Http.Cors (>= 2.0.195)
      Freya.Machine.Router (>= 2.0.195)
      Freya.Recorder (>= 2.0.195)
      Freya.Router (>= 2.0.195)
    Freya.Core (2.0.195)
      Aether (>= 6.0)
      FSharp.Core (>= 3.1.2.1)
    Freya.Lenses.Http (2.0.195)
      Aether (>= 6.0)
      Arachne.Http (>= 2.2.13)
      Freya.Core (>= 2.0.195)
      FSharp.Core (>= 3.1.2.1)
    Freya.Lenses.Http.Cors (2.0.195)
      Aether (>= 6.0)
      Arachne.Http.Cors (>= 2.2.13)
      Freya.Core (>= 2.0.195)
      Freya.Lenses.Http (>= 2.0.195)
      FSharp.Core (>= 3.1.2.1)
    Freya.Machine (2.0.195)
      Aether (>= 6.0)
      Chiron (>= 4.1.0)
      Freya.Core (>= 2.0.195)
      Freya.Recorder (>= 2.0.195)
      FSharp.Core (>= 3.1.2.1)
      Hekate (>= 1.0.0)
    Freya.Machine.Extensions.Http (2.0.195)
      Aether (>= 6.0)
      Arachne.Http (>= 2.2.13)
      Freya.Core (>= 2.0.195)
      Freya.Lenses.Http (>= 2.0.195)
      Freya.Machine (>= 2.0.195)
      FSharp.Core (>= 3.1.2.1)
    Freya.Machine.Extensions.Http.Cors (2.0.195)
      Aether (>= 6.0)
      Arachne.Http.Cors (>= 2.2.13)
      Freya.Core (>= 2.0.195)
      Freya.Lenses.Http (>= 2.0.195)
      Freya.Lenses.Http.Cors (>= 2.0.195)
      Freya.Machine (>= 2.0.195)
      Freya.Machine.Extensions.Http (>= 2.0.195)
      FSharp.Core (>= 3.1.2.1)
    Freya.Machine.Router (2.0.195)
      Freya.Core (>= 2.0.195)
      Freya.Machine (>= 2.0.195)
      Freya.Router (>= 2.0.195)
      FSharp.Core (>= 3.1.2.1)
    Freya.Recorder (2.0.195)
      Aether (>= 6.0)
      Arachne.Core (>= 2.2.13)
      Chiron (>= 4.1.0)
      Freya.Core (>= 2.0.195)
      FSharp.Core (>= 3.1.2.1)
    Freya.Router (2.0.195)
      Aether (>= 6.0)
      Arachne.Http (>= 2.2.13)
      Arachne.Uri.Template (>= 2.2.13)
      Chiron (>= 4.1.0)
      Freya.Core (>= 2.0.195)
      Freya.Lenses.Http (>= 2.0.195)
      Freya.Recorder (>= 2.0.195)
      FSharp.Core (>= 3.1.2.1)
      Hekate (>= 1.0.0)
    FSharp.Compiler.Service (0.0.90)
    FSharp.Core (4.0.0.1)
    FSharp.Formatting (2.11.0)
      FSharp.Compiler.Service (>= 0.0.90 <= 1.3)
      FSharpVSPowerTools.Core (1.9.0)
    FSharpVSPowerTools.Core (1.9.0)
      FSharp.Compiler.Service (>= 0.0.90)
    FsPickler (1.4.0)
    FsReveal (1.0.3)
      FSharp.Formatting (>= 2.7.5)
    Hekate (1.0.0)
      Aether (>= 6.0.0)
      FSharp.Core (>= 3.1.2.1)
    Owin (1.0)
    Suave (0.31.2)
      FSharp.Core (>= 3.1.2.5)
      FsPickler (>= 1.2.5)
    Unquote (3.0.0)
